ObjectType = Image
NDims = 3
BinaryData = True
BinaryDataByteOrderMSB = False
Offset = 0 0 0 
ElementSpacing = 1 1 1 
DimSize = 100 100 1 
ElementNumberOfChannels = 1
ElementType = MET_FLOAT
ElementDataFile = bulleye2.raw
